PATH
  remote: .
  specs:
    protojson (0.0.1)

GEM
  remote: http://rubygems.org/
  specs:
    activesupport (3.0.5)
    i18n (0.5.0)
    ruby_protobuf (0.4.10)

PLATFORMS
  ruby

DEPENDENCIES
  activesupport (~> 3.0.5)
  i18n (~> 0.5.0)
  protojson!
  ruby_protobuf (= 0.4.10)
